PATH
  remote: .
  specs:
    rack-mini-profiler (0.9.2)
      rack (>= 1.1.3)

GEM
  remote: http://rubygems.org/
  specs:
    ZenTest (4.9.5)
    activemodel (3.2.16)
      activesupport (= 3.2.16)
      builder (~> 3.0.0)
    activerecord (3.2.16)
      activemodel (= 3.2.16)
      activesupport (= 3.2.16)
      arel (~> 3.0.2)
      tzinfo (~> 0.3.29)
    activesupport (3.2.16)
      i18n (~> 0.6, >= 0.6.4)
      multi_json (~> 1.0)
    arel (3.0.3)
    autotest (4.4.6)
      ZenTest (>= 4.4.1)
    builder (3.0.4)
    codecov (0.0.1)
      json
      simplecov
      url
    commonjs (0.2.7)
    dalli (2.6.4)
    diff-lcs (1.2.5)
    docile (1.1.5)
    fast_stack (0.1.0)
      rake
      rake-compiler
    flamegraph (0.0.5)
      fast_stack
    i18n (0.6.9)
    json (1.8.1)
    less (2.4.0)
      commonjs (~> 0.2.7)
    libv8 (3.16.14.3)
    multi_json (1.8.2)
    rack (1.5.2)
    rack-test (0.6.2)
      rack (>= 1.0)
    rake (10.1.1)
    rake-compiler (0.9.2)
      rake
    redis (3.0.6)
    ref (1.0.5)
    rspec (2.14.1)
      rspec-core (~> 2.14.0)
      rspec-expectations (~> 2.14.0)
      rspec-mocks (~> 2.14.0)
    rspec-core (2.14.7)
    rspec-expectations (2.14.4)
      diff-lcs (>= 1.1.3, < 2.0)
    rspec-mocks (2.14.4)
    simplecov (0.9.1)
      docile (~> 1.1.0)
      multi_json (~> 1.0)
      simplecov-html (~> 0.8.0)
    simplecov-html (0.8.0)
    therubyracer (0.12.0)
      libv8 (~> 3.16.14.0)
      ref
    tzinfo (0.3.38)
    url (0.3.2)

PLATFORMS
  ruby

DEPENDENCIES
  ZenTest
  activerecord (~> 3.0)
  autotest
  codecov
  dalli
  flamegraph
  less
  rack-mini-profiler!
  rack-test
  rake
  redis
  rspec
  therubyracer
